PATH
  remote: .
  specs:
    kenken (0.1.0)
      binding_of_caller

GEM
  remote: https://rubygems.org/
  specs:
    binding_of_caller (0.8.0)
      debug_inspector (>= 0.0.1)
    debug_inspector (0.0.3)
    minitest (5.11.3)
    rake (13.0.1)

PLATFORMS
  ruby

DEPENDENCIES
  bundler (~> 1.17)
  kenken!
  minitest (~> 5.0)
  rake (~> 13.0)

BUNDLED WITH
   1.17.2
